

GROUP build
STORAGE: NONE
RESTRICTION: || (== net7.0) (== netstandard2.0)
NUGET
  remote: https://api.nuget.org/v3/index.json
    Argu (6.1.1)
      FSharp.Core (>= 4.3.2)
      System.Configuration.ConfigurationManager (>= 4.4)
    BlackFox.VsWhere (1.1)
      FSharp.Core (>= 4.2.3)
      Microsoft.Win32.Registry (>= 4.7)
    Fake.Build.CMake (6.0.0-alpha004)
      Fake.Core.Environment (>= 6.0.0-alpha004)
      Fake.Core.Process (>= 6.0.0-alpha004)
      Fake.Core.Trace (>= 6.0.0-alpha004)
      Fake.IO.FileSystem (>= 6.0.0-alpha004)
      FSharp.Core (>= 6.0.3)
    Fake.Core.CommandLineParsing (6.0.0-alpha004)
      FParsec (>= 1.1.1)
      FSharp.Core (>= 6.0.3)
    Fake.Core.Context (6.0.0-alpha004)
      FSharp.Core (>= 6.0.3)
    Fake.Core.Environment (6.0.0-alpha004)
      FSharp.Core (>= 6.0.3)
    Fake.Core.FakeVar (6.0.0-alpha004)
      Fake.Core.Context (>= 6.0.0-alpha004)
      FSharp.Core (>= 6.0.3)
    Fake.Core.Process (6.0.0-alpha004)
      Fake.Core.Environment (>= 6.0.0-alpha004)
      Fake.Core.FakeVar (>= 6.0.0-alpha004)
      Fake.Core.String (>= 6.0.0-alpha004)
      Fake.Core.Trace (>= 6.0.0-alpha004)
      Fake.IO.FileSystem (>= 6.0.0-alpha004)
      FSharp.Core (>= 6.0.3)
      System.Collections.Immutable (>= 6.0)
    Fake.Core.SemVer (6.0.0-alpha004)
      FSharp.Core (>= 6.0.3)
    Fake.Core.String (6.0.0-alpha004)
      FSharp.Core (>= 6.0.3)
    Fake.Core.Target (6.0.0-alpha004)
      Fake.Core.CommandLineParsing (>= 6.0.0-alpha004)
      Fake.Core.Context (>= 6.0.0-alpha004)
      Fake.Core.Environment (>= 6.0.0-alpha004)
      Fake.Core.FakeVar (>= 6.0.0-alpha004)
      Fake.Core.Process (>= 6.0.0-alpha004)
      Fake.Core.String (>= 6.0.0-alpha004)
      Fake.Core.Trace (>= 6.0.0-alpha004)
      FSharp.Control.Reactive (>= 5.0.2)
      FSharp.Core (>= 6.0.3)
    Fake.Core.Tasks (6.0.0-alpha004)
      Fake.Core.Trace (>= 6.0.0-alpha004)
      FSharp.Core (>= 6.0.3)
    Fake.Core.Trace (6.0.0-alpha004)
      Fake.Core.Environment (>= 6.0.0-alpha004)
      Fake.Core.FakeVar (>= 6.0.0-alpha004)
      FSharp.Core (>= 6.0.3)
    Fake.Core.Xml (6.0.0-alpha004)
      Fake.Core.String (>= 6.0.0-alpha004)
      FSharp.Core (>= 6.0.3)
    Fake.DotNet.Cli (6.0.0-alpha004)
      Fake.Core.Environment (>= 6.0.0-alpha004)
      Fake.Core.Process (>= 6.0.0-alpha004)
      Fake.Core.String (>= 6.0.0-alpha004)
      Fake.Core.Trace (>= 6.0.0-alpha004)
      Fake.DotNet.MSBuild (>= 6.0.0-alpha004)
      Fake.DotNet.NuGet (>= 6.0.0-alpha004)
      Fake.IO.FileSystem (>= 6.0.0-alpha004)
      FSharp.Core (>= 6.0.3)
      Mono.Posix.NETStandard (>= 1.0)
      Newtonsoft.Json (>= 13.0.1)
    Fake.DotNet.MSBuild (6.0.0-alpha004)
      BlackFox.VsWhere (>= 1.1)
      Fake.Core.Environment (>= 6.0.0-alpha004)
      Fake.Core.Process (>= 6.0.0-alpha004)
      Fake.Core.String (>= 6.0.0-alpha004)
      Fake.Core.Trace (>= 6.0.0-alpha004)
      Fake.IO.FileSystem (>= 6.0.0-alpha004)
      FSharp.Core (>= 6.0.3)
      MSBuild.StructuredLogger (>= 2.1.545)
    Fake.DotNet.NuGet (6.0.0-alpha004)
      Fake.Core.Environment (>= 6.0.0-alpha004)
      Fake.Core.Process (>= 6.0.0-alpha004)
      Fake.Core.SemVer (>= 6.0.0-alpha004)
      Fake.Core.String (>= 6.0.0-alpha004)
      Fake.Core.Tasks (>= 6.0.0-alpha004)
      Fake.Core.Trace (>= 6.0.0-alpha004)
      Fake.Core.Xml (>= 6.0.0-alpha004)
      Fake.IO.FileSystem (>= 6.0.0-alpha004)
      Fake.Net.Http (>= 6.0.0-alpha004)
      FSharp.Core (>= 6.0.3)
      Newtonsoft.Json (>= 13.0.1)
      NuGet.Protocol (>= 6.0)
    Fake.DotNet.Paket (6.0.0-alpha004)
      Fake.Core.Process (>= 6.0.0-alpha004)
      Fake.Core.String (>= 6.0.0-alpha004)
      Fake.Core.Trace (>= 6.0.0-alpha004)
      Fake.DotNet.Cli (>= 6.0.0-alpha004)
      Fake.IO.FileSystem (>= 6.0.0-alpha004)
      FSharp.Core (>= 6.0.3)
    Fake.IO.FileSystem (6.0.0-alpha004)
      Fake.Core.String (>= 6.0.0-alpha004)
      Fake.Core.Trace (>= 6.0.0-alpha004)
      FSharp.Core (>= 6.0.3)
    Fake.Net.Http (6.0.0-alpha004)
      Fake.Core.Trace (>= 6.0.0-alpha004)
      FSharp.Core (>= 6.0.3)
    Fake.Tools.Git (6.0.0-alpha004)
      Fake.Core.Environment (>= 6.0.0-alpha004)
      Fake.Core.Process (>= 6.0.0-alpha004)
      Fake.Core.SemVer (>= 6.0.0-alpha004)
      Fake.Core.String (>= 6.0.0-alpha004)
      Fake.Core.Trace (>= 6.0.0-alpha004)
      Fake.IO.FileSystem (>= 6.0.0-alpha004)
      FSharp.Core (>= 6.0.3)
    FParsec (1.1.1)
      FSharp.Core (>= 4.3.4)
    FSharp.Control.Reactive (5.0.5)
      FSharp.Core (>= 4.7.2)
      System.Reactive (>= 5.0 < 6.0)
    FSharp.Core (7.0)
    FsToolkit.ErrorHandling (4.0)
      FSharp.Core (>= 4.7.2) - restriction: || (&& (== net7.0) (< netstandard2.1)) (== netstandard2.0)
      FSharp.Core (>= 7.0) - restriction: || (== net7.0) (&& (== netstandard2.0) (>= netstandard2.1))
    MAB.DotIgnore (3.0.2)
      NETStandard.Library (>= 1.6.1)
    Microsoft.Build (17.4)
      Microsoft.Build.Framework (>= 17.4) - restriction: || (== net7.0) (&& (== netstandard2.0) (>= net472)) (&& (== netstandard2.0) (>= net7.0))
      Microsoft.NET.StringTools (>= 17.4) - restriction: || (== net7.0) (&& (== netstandard2.0) (>= net472)) (&& (== netstandard2.0) (>= net7.0))
      System.Collections.Immutable (>= 6.0) - restriction: || (== net7.0) (&& (== netstandard2.0) (>= net472)) (&& (== netstandard2.0) (>= net7.0))
      System.Configuration.ConfigurationManager (>= 6.0) - restriction: || (== net7.0) (&& (== netstandard2.0) (>= net472)) (&& (== netstandard2.0) (>= net7.0))
      System.Reflection.Metadata (>= 6.0) - restriction: || (== net7.0) (&& (== netstandard2.0) (>= net7.0))
      System.Reflection.MetadataLoadContext (>= 6.0) - restriction: || (== net7.0) (&& (== netstandard2.0) (>= net472)) (&& (== netstandard2.0) (>= net7.0))
      System.Security.Principal.Windows (>= 5.0) - restriction: || (== net7.0) (&& (== netstandard2.0) (>= net7.0))
      System.Text.Encoding.CodePages (>= 6.0) - restriction: || (== net7.0) (&& (== netstandard2.0) (>= net7.0))
      System.Text.Json (>= 6.0) - restriction: || (== net7.0) (&& (== netstandard2.0) (>= net472)) (&& (== netstandard2.0) (>= net7.0))
      System.Threading.Tasks.Dataflow (>= 6.0) - restriction: || (== net7.0) (&& (== netstandard2.0) (>= net472)) (&& (== netstandard2.0) (>= net7.0))
    Microsoft.Build.Framework (17.4)
      Microsoft.Win32.Registry (>= 5.0) - restriction: == netstandard2.0
      System.Security.Permissions (>= 6.0)
    Microsoft.Build.Tasks.Core (17.4)
      Microsoft.Build.Framework (>= 17.4)
      Microsoft.Build.Utilities.Core (>= 17.4)
      Microsoft.NET.StringTools (>= 17.4)
      Microsoft.Win32.Registry (>= 5.0) - restriction: == netstandard2.0
      System.CodeDom (>= 6.0)
      System.Collections.Immutable (>= 6.0)
      System.Reflection.Metadata (>= 6.0)
      System.Resources.Extensions (>= 6.0)
      System.Security.Cryptography.Pkcs (>= 6.0.1)
      System.Security.Cryptography.Xml (>= 6.0)
      System.Security.Permissions (>= 6.0)
      System.Threading.Tasks.Dataflow (>= 6.0)
    Microsoft.Build.Utilities.Core (17.4)
      Microsoft.Build.Framework (>= 17.4)
      Microsoft.NET.StringTools (>= 17.4)
      Microsoft.Win32.Registry (>= 5.0) - restriction: == netstandard2.0
      System.Collections.Immutable (>= 6.0)
      System.Configuration.ConfigurationManager (>= 6.0)
      System.Security.Permissions (>= 6.0) - restriction: == netstandard2.0
      System.Text.Encoding.CodePages (>= 6.0) - restriction: == netstandard2.0
    Microsoft.NET.StringTools (17.4)
      System.Memory (>= 4.5.5)
      System.Runtime.CompilerServices.Unsafe (>= 6.0)
    Microsoft.NETCore.Platforms (7.0)
    Microsoft.NETCore.Targets (5.0) - restriction: || (&& (== net7.0) (< netcoreapp3.1)) (&& (== net7.0) (< netstandard1.2)) (&& (== net7.0) (< netstandard1.3)) (&& (== net7.0) (< netstandard1.5)) (== netstandard2.0)
    Microsoft.Win32.Registry (5.0)
      System.Buffers (>= 4.5.1) - restriction: || (&& (== net7.0) (>= monoandroid) (< netstandard1.3)) (&& (== net7.0) (>= monotouch)) (&& (== net7.0) (< netcoreapp2.0)) (&& (== net7.0) (>= xamarinios)) (&& (== net7.0) (>= xamarinmac)) (&& (== net7.0) (>= xamarintvos)) (&& (== net7.0) (>= xamarinwatchos)) (== netstandard2.0)
      System.Memory (>= 4.5.4) - restriction: || (&& (== net7.0) (< netcoreapp2.0)) (&& (== net7.0) (< netcoreapp2.1)) (&& (== net7.0) (>= uap10.1)) (== netstandard2.0)
      System.Security.AccessControl (>= 5.0)
      System.Security.Principal.Windows (>= 5.0)
    Microsoft.Win32.SystemEvents (7.0) - restriction: || (== net7.0) (&& (== netstandard2.0) (>= net6.0))
    Mono.Posix.NETStandard (1.0)
    MSBuild.StructuredLogger (2.1.746)
      Microsoft.Build (>= 16.10)
      Microsoft.Build.Framework (>= 16.10)
      Microsoft.Build.Tasks.Core (>= 16.10)
      Microsoft.Build.Utilities.Core (>= 16.10)
    NETStandard.Library (2.0.3)
      Microsoft.NETCore.Platforms (>= 1.1)
    Newtonsoft.Json (13.0.2)
    NuGet.Common (6.4)
      NuGet.Frameworks (>= 6.4)
    NuGet.Configuration (6.4)
      NuGet.Common (>= 6.4)
      System.Security.Cryptography.ProtectedData (>= 4.4)
    NuGet.Frameworks (6.4)
    NuGet.Packaging (6.4)
      Newtonsoft.Json (>= 13.0.1)
      NuGet.Configuration (>= 6.4)
      NuGet.Versioning (>= 6.4)
      System.Security.Cryptography.Cng (>= 5.0)
      System.Security.Cryptography.Pkcs (>= 5.0)
    NuGet.Protocol (6.4)
      NuGet.Packaging (>= 6.4)
    NuGet.Versioning (6.4)
    System.Buffers (4.5.1) - restriction: || (&& (== net7.0) (>= monoandroid) (< netstandard1.3)) (&& (== net7.0) (>= monotouch)) (&& (== net7.0) (< netcoreapp2.0)) (&& (== net7.0) (>= xamarinios)) (&& (== net7.0) (>= xamarinmac)) (&& (== net7.0) (>= xamarintvos)) (&& (== net7.0) (>= xamarinwatchos)) (== netstandard2.0)
    System.CodeDom (7.0)
    System.Collections.Immutable (7.0)
      System.Memory (>= 4.5.5) - restriction: || (&& (== net7.0) (>= net462)) (&& (== net7.0) (< net6.0)) (== netstandard2.0)
      System.Runtime.CompilerServices.Unsafe (>= 6.0) - restriction: || (&& (== net7.0) (>= net462)) (&& (== net7.0) (< net6.0)) (== netstandard2.0)
    System.Configuration.ConfigurationManager (7.0)
      System.Diagnostics.EventLog (>= 7.0) - restriction: || (== net7.0) (&& (== netstandard2.0) (>= net7.0))
      System.Security.Cryptography.ProtectedData (>= 7.0)
      System.Security.Permissions (>= 7.0)
    System.Diagnostics.EventLog (7.0) - restriction: || (== net7.0) (&& (== netstandard2.0) (>= net7.0))
    System.Drawing.Common (7.0) - restriction: || (== net7.0) (&& (== netstandard2.0) (>= net6.0))
      Microsoft.Win32.SystemEvents (>= 7.0) - restriction: || (== net7.0) (&& (== netstandard2.0) (>= net6.0))
    System.Formats.Asn1 (7.0)
      System.Buffers (>= 4.5.1) - restriction: || (&& (== net7.0) (>= net462)) (&& (== net7.0) (< net6.0)) (== netstandard2.0)
      System.Memory (>= 4.5.5) - restriction: || (&& (== net7.0) (>= net462)) (&& (== net7.0) (< net6.0)) (== netstandard2.0)
    System.Memory (4.5.5)
      System.Buffers (>= 4.5.1) - restriction: || (&& (== net7.0) (>= monotouch)) (&& (== net7.0) (>= net461)) (&& (== net7.0) (< netcoreapp2.0)) (&& (== net7.0) (< netstandard1.1)) (&& (== net7.0) (< netstandard2.0)) (&& (== net7.0) (>= xamarinios)) (&& (== net7.0) (>= xamarinmac)) (&& (== net7.0) (>= xamarintvos)) (&& (== net7.0) (>= xamarinwatchos)) (== netstandard2.0)
      System.Numerics.Vectors (>= 4.4) - restriction: || (&& (== net7.0) (< netcoreapp2.0)) (== netstandard2.0)
      System.Runtime.CompilerServices.Unsafe (>= 4.5.3) - restriction: || (&& (== net7.0) (>= monotouch)) (&& (== net7.0) (>= net461)) (&& (== net7.0) (< netcoreapp2.0)) (&& (== net7.0) (< netcoreapp2.1)) (&& (== net7.0) (< netstandard1.1)) (&& (== net7.0) (< netstandard2.0)) (&& (== net7.0) (>= uap10.1)) (&& (== net7.0) (>= xamarinios)) (&& (== net7.0) (>= xamarinmac)) (&& (== net7.0) (>= xamarintvos)) (&& (== net7.0) (>= xamarinwatchos)) (== netstandard2.0)
    System.Numerics.Vectors (4.5) - restriction: || (&& (== net7.0) (>= net462)) (&& (== net7.0) (< netcoreapp2.0)) (== netstandard2.0)
    System.Reactive (5.0)
      System.Runtime.InteropServices.WindowsRuntime (>= 4.3) - restriction: || (&& (== net7.0) (< netcoreapp3.1)) (== netstandard2.0)
      System.Threading.Tasks.Extensions (>= 4.5.4) - restriction: || (&& (== net7.0) (>= net472)) (&& (== net7.0) (< netcoreapp3.1)) (&& (== net7.0) (>= uap10.1)) (== netstandard2.0)
    System.Reflection.Metadata (7.0)
      System.Collections.Immutable (>= 7.0)
    System.Reflection.MetadataLoadContext (7.0) - restriction: || (== net7.0) (&& (== netstandard2.0) (>= net472)) (&& (== netstandard2.0) (>= net7.0))
      System.Collections.Immutable (>= 7.0)
      System.Reflection.Metadata (>= 7.0)
    System.Resources.Extensions (7.0)
      System.Memory (>= 4.5.5) - restriction: || (&& (== net7.0) (>= net462)) (&& (== net7.0) (< net6.0)) (== netstandard2.0)
    System.Runtime (4.3.1) - restriction: || (&& (== net7.0) (< netcoreapp3.1)) (== netstandard2.0)
      Microsoft.NETCore.Platforms (>= 1.1.1)
      Microsoft.NETCore.Targets (>= 1.1.3)
    System.Runtime.CompilerServices.Unsafe (6.0)
    System.Runtime.InteropServices.WindowsRuntime (4.3) - restriction: || (&& (== net7.0) (< netcoreapp3.1)) (== netstandard2.0)
      System.Runtime (>= 4.3)
    System.Security.AccessControl (6.0)
      System.Security.Principal.Windows (>= 5.0) - restriction: || (&& (== net7.0) (>= net461)) (&& (== net7.0) (< net6.0)) (== netstandard2.0)
    System.Security.Cryptography.Cng (5.0)
      System.Formats.Asn1 (>= 5.0) - restriction: || (== net7.0) (&& (== netstandard2.0) (>= netcoreapp3.0))
    System.Security.Cryptography.Pkcs (7.0)
      System.Buffers (>= 4.5.1) - restriction: || (&& (== net7.0) (< netstandard2.1)) (== netstandard2.0)
      System.Formats.Asn1 (>= 7.0)
      System.Memory (>= 4.5.5) - restriction: || (&& (== net7.0) (< netstandard2.1)) (== netstandard2.0)
      System.Security.Cryptography.Cng (>= 5.0) - restriction: || (&& (== net7.0) (< net6.0)) (&& (== net7.0) (< netstandard2.1)) (== netstandard2.0)
    System.Security.Cryptography.ProtectedData (7.0)
    System.Security.Cryptography.Xml (7.0)
      System.Memory (>= 4.5.5) - restriction: || (&& (== net7.0) (< net6.0)) (== netstandard2.0)
      System.Security.AccessControl (>= 6.0) - restriction: || (&& (== net7.0) (< net6.0)) (== netstandard2.0)
      System.Security.Cryptography.Pkcs (>= 7.0)
    System.Security.Permissions (7.0)
      System.Security.AccessControl (>= 6.0) - restriction: || (&& (== net7.0) (>= net462)) (&& (== net7.0) (< net6.0)) (== netstandard2.0)
      System.Windows.Extensions (>= 7.0) - restriction: || (== net7.0) (&& (== netstandard2.0) (>= net6.0))
    System.Security.Principal.Windows (5.0)
    System.Text.Encoding.CodePages (7.0)
    System.Text.Encodings.Web (7.0) - restriction: || (== net7.0) (&& (== netstandard2.0) (>= net472)) (&& (== netstandard2.0) (>= net7.0))
    System.Text.Json (7.0) - restriction: || (== net7.0) (&& (== netstandard2.0) (>= net472)) (&& (== netstandard2.0) (>= net7.0))
      System.Text.Encodings.Web (>= 7.0)
    System.Threading.Tasks.Dataflow (7.0)
    System.Threading.Tasks.Extensions (4.5.4) - restriction: || (&& (== net7.0) (>= net472)) (&& (== net7.0) (< netcoreapp3.1)) (&& (== net7.0) (>= uap10.1)) (== netstandard2.0)
      System.Runtime.CompilerServices.Unsafe (>= 4.5.3) - restriction: || (&& (== net7.0) (>= net461)) (&& (== net7.0) (< netcoreapp2.1)) (&& (== net7.0) (< netstandard1.0)) (&& (== net7.0) (< netstandard2.0)) (&& (== net7.0) (>= wp8)) (== netstandard2.0)
    System.Windows.Extensions (7.0) - restriction: || (== net7.0) (&& (== netstandard2.0) (>= net6.0))
      System.Drawing.Common (>= 7.0) - restriction: || (== net7.0) (&& (== netstandard2.0) (>= net6.0))
HTTP
  remote: https://github.com
    cmake-3.25.1-windows-x86_64.zip (/Kitware/CMake/releases/download/v3.25.1/cmake-3.25.1-windows-x86_64.zip)
  remote: http://prdownloads.sourceforge.net
    swigwin-4.1.1.zip (/swig/swigwin-4.1.1.zip)
GIT
  remote: http://github.com/microsoft/vcpkg.git
     (6f7ffeb18f99796233b958aaaf14ec7bd4fb64b2)
      build: bootstrap-vcpkg.bat
      os: windows
GROUP dotnet
STORAGE: NONE
RESTRICTION: || (== net7.0) (== netstandard2.0)
NUGET
  remote: https://api.nuget.org/v3/index.json
    coverlet.collector (3.2)
    Microsoft.CodeCoverage (17.4) - restriction: || (== net7.0) (&& (== netstandard2.0) (>= net462)) (&& (== netstandard2.0) (>= netcoreapp3.1))
    Microsoft.NET.Test.Sdk (17.4)
      Microsoft.CodeCoverage (>= 17.4) - restriction: || (== net7.0) (&& (== netstandard2.0) (>= net462)) (&& (== netstandard2.0) (>= netcoreapp3.1))
      Microsoft.TestPlatform.TestHost (>= 17.4) - restriction: || (== net7.0) (&& (== netstandard2.0) (>= netcoreapp3.1))
    Microsoft.NETCore.Platforms (7.0)
    Microsoft.TestPlatform.ObjectModel (17.4) - restriction: || (== net7.0) (&& (== netstandard2.0) (>= netcoreapp3.1))
      NuGet.Frameworks (>= 5.11)
      System.Reflection.Metadata (>= 1.6)
    Microsoft.TestPlatform.TestHost (17.4) - restriction: || (== net7.0) (&& (== netstandard2.0) (>= netcoreapp3.1))
      Microsoft.TestPlatform.ObjectModel (>= 17.4) - restriction: || (== net7.0) (&& (== netstandard2.0) (>= netcoreapp3.1))
      Newtonsoft.Json (>= 13.0.1) - restriction: || (== net7.0) (&& (== netstandard2.0) (>= netcoreapp3.1))
    Microsoft.Win32.Registry (5.0) - restriction: || (== net7.0) (&& (== netstandard2.0) (>= net472)) (&& (== netstandard2.0) (>= netcoreapp3.1))
      System.Security.AccessControl (>= 5.0)
      System.Security.Principal.Windows (>= 5.0)
    NAudio (2.1)
      NAudio.Asio (>= 2.1) - restriction: || (== net7.0) (&& (== netstandard2.0) (>= net472)) (&& (== netstandard2.0) (>= netcoreapp3.1))
      NAudio.Core (>= 2.1) - restriction: || (== net7.0) (&& (== netstandard2.0) (>= net472)) (&& (== netstandard2.0) (>= netcoreapp3.1))
      NAudio.Midi (>= 2.1) - restriction: || (== net7.0) (&& (== netstandard2.0) (>= net472)) (&& (== netstandard2.0) (>= netcoreapp3.1))
      NAudio.Wasapi (>= 2.1) - restriction: || (== net7.0) (&& (== netstandard2.0) (>= net472)) (&& (== netstandard2.0) (>= netcoreapp3.1))
      NAudio.WinMM (>= 2.1) - restriction: || (== net7.0) (&& (== netstandard2.0) (>= net472)) (&& (== netstandard2.0) (>= netcoreapp3.1))
    NAudio.Asio (2.1) - restriction: || (== net7.0) (&& (== netstandard2.0) (>= net472)) (&& (== netstandard2.0) (>= netcoreapp3.1))
      Microsoft.Win32.Registry (>= 4.7)
      NAudio.Core (>= 2.1)
    NAudio.Core (2.1) - restriction: || (== net7.0) (&& (== netstandard2.0) (>= net472)) (&& (== netstandard2.0) (>= netcoreapp3.1))
    NAudio.Midi (2.1) - restriction: || (== net7.0) (&& (== netstandard2.0) (>= net472)) (&& (== netstandard2.0) (>= netcoreapp3.1))
      NAudio.Core (>= 2.1)
    NAudio.Wasapi (2.1) - restriction: || (== net7.0) (&& (== netstandard2.0) (>= net472)) (&& (== netstandard2.0) (>= netcoreapp3.1))
      NAudio.Core (>= 2.1)
    NAudio.WinMM (2.1) - restriction: || (== net7.0) (&& (== netstandard2.0) (>= net472)) (&& (== netstandard2.0) (>= netcoreapp3.1))
      Microsoft.Win32.Registry (>= 4.7)
      NAudio.Core (>= 2.1)
    NETStandard.Library (2.0.3)
      Microsoft.NETCore.Platforms (>= 1.1)
    Newtonsoft.Json (13.0.2) - restriction: || (== net7.0) (&& (== netstandard2.0) (>= netcoreapp3.1))
    NuGet.Frameworks (6.4) - restriction: || (== net7.0) (&& (== netstandard2.0) (>= netcoreapp3.1))
    System.Collections.Immutable (7.0) - restriction: || (== net7.0) (&& (== netstandard2.0) (>= netcoreapp3.1))
    System.Reflection.Metadata (7.0) - restriction: || (== net7.0) (&& (== netstandard2.0) (>= netcoreapp3.1))
      System.Collections.Immutable (>= 7.0)
    System.Security.AccessControl (6.0) - restriction: || (== net7.0) (&& (== netstandard2.0) (>= net472)) (&& (== netstandard2.0) (>= netcoreapp3.1))
    System.Security.Principal.Windows (5.0) - restriction: || (== net7.0) (&& (== netstandard2.0) (>= net472)) (&& (== netstandard2.0) (>= netcoreapp3.1))
    xunit (2.4.2)
      xunit.analyzers (>= 1.0)
      xunit.assert (>= 2.4.2)
      xunit.core (2.4.2)
    xunit.abstractions (2.0.3)
    xunit.analyzers (1.1)
    xunit.assert (2.4.2)
      NETStandard.Library (>= 1.6.1)
    xunit.core (2.4.2)
      xunit.extensibility.core (2.4.2)
      xunit.extensibility.execution (2.4.2)
    xunit.extensibility.core (2.4.2)
      NETStandard.Library (>= 1.6.1)
      xunit.abstractions (>= 2.0.3)
    xunit.extensibility.execution (2.4.2)
      NETStandard.Library (>= 1.6.1)
      xunit.extensibility.core (2.4.2)
    xunit.runner.visualstudio (2.4.5)
